GEM
  remote: https://rubygems.org/
  specs:
    activesupport (7.1.5.1)
      base64
      benchmark (>= 0.3)
      bigdecimal
      concurrent-ruby (~> 1.0, >= 1.0.2)
      connection_pool (>= 2.2.5)
      drb
      i18n (>= 1.6, < 2)
      logger (>= 1.4.2)
      minitest (>= 5.1)
      mutex_m
      securerandom (>= 0.3)
      tzinfo (~> 2.0)
    addressable (2.8.7)
      public_suffix (>= 2.0.2, < 7.0)
    ast (2.4.3)
    aws-eventstream (1.4.0)
    aws-partitions (1.1135.0)
    aws-sdk-codecommit (1.87.0)
      aws-sdk-core (~> 3, >= 3.227.0)
      aws-sigv4 (~> 1.5)
    aws-sdk-core (3.227.0)
      aws-eventstream (~> 1, >= 1.3.0)
      aws-partitions (~> 1, >= 1.992.0)
      aws-sigv4 (~> 1.9)
      base64
      jmespath (~> 1, >= 1.6.1)
      logger
    aws-sdk-ecr (1.106.0)
      aws-sdk-core (~> 3, >= 3.227.0)
      aws-sigv4 (~> 1.5)
    aws-sigv4 (1.12.1)
      aws-eventstream (~> 1, >= 1.0.2)
    base64 (0.3.0)
    benchmark (0.4.1)
    bigdecimal (3.2.2)
    citrus (3.0.2)
    commonmarker (0.23.11)
    concurrent-ruby (1.3.5)
    connection_pool (2.5.3)
    csv (3.3.5)
    dependabot-bundler (0.210.0)
      dependabot-common (= 0.210.0)
    dependabot-cargo (0.210.0)
      dependabot-common (= 0.210.0)
    dependabot-common (0.210.0)
      activesupport (>= 6.0.0)
      aws-sdk-codecommit (~> 1.28)
      aws-sdk-ecr (~> 1.5)
      bundler (>= 1.16, < 3.0.0)
      commonmarker (>= 0.20.1, < 0.24.0)
      docker_registry2 (~> 1.11, >= 1.11.0)
      excon (~> 0.75)
      faraday (= 2.3.0)
      gitlab (= 4.19.0)
      nokogiri (~> 1.8)
      octokit (>= 4.6, < 6.0)
      parser (>= 2.5, < 4.0)
      toml-rb (>= 1.1.2, < 3.0)
    dependabot-composer (0.210.0)
      dependabot-common (= 0.210.0)
    dependabot-docker (0.210.0)
      dependabot-common (= 0.210.0)
    dependabot-elm (0.210.0)
      dependabot-common (= 0.210.0)
    dependabot-git_submodules (0.210.0)
      dependabot-common (= 0.210.0)
      parseconfig (~> 1.0, < 1.1.0)
    dependabot-github_actions (0.210.0)
      dependabot-common (= 0.210.0)
    dependabot-go_modules (0.210.0)
      dependabot-common (= 0.210.0)
    dependabot-gradle (0.210.0)
      dependabot-common (= 0.210.0)
      dependabot-maven (= 0.210.0)
    dependabot-hex (0.210.0)
      dependabot-common (= 0.210.0)
    dependabot-maven (0.210.0)
      dependabot-common (= 0.210.0)
    dependabot-npm_and_yarn (0.210.0)
      dependabot-common (= 0.210.0)
    dependabot-nuget (0.210.0)
      dependabot-common (= 0.210.0)
    dependabot-omnibus (0.210.0)
      dependabot-bundler (= 0.210.0)
      dependabot-cargo (= 0.210.0)
      dependabot-common (= 0.210.0)
      dependabot-composer (= 0.210.0)
      dependabot-docker (= 0.210.0)
      dependabot-elm (= 0.210.0)
      dependabot-git_submodules (= 0.210.0)
      dependabot-github_actions (= 0.210.0)
      dependabot-go_modules (= 0.210.0)
      dependabot-gradle (= 0.210.0)
      dependabot-hex (= 0.210.0)
      dependabot-maven (= 0.210.0)
      dependabot-npm_and_yarn (= 0.210.0)
      dependabot-nuget (= 0.210.0)
      dependabot-pub (= 0.210.0)
      dependabot-python (= 0.210.0)
      dependabot-terraform (= 0.210.0)
    dependabot-pub (0.210.0)
      dependabot-common (= 0.210.0)
    dependabot-python (0.210.0)
      dependabot-common (= 0.210.0)
    dependabot-terraform (0.210.0)
      dependabot-common (= 0.210.0)
    docker_registry2 (1.18.2)
      rest-client (>= 1.8.0)
    domain_name (0.6.20240107)
    drb (2.2.3)
    excon (0.112.0)
    faraday (2.3.0)
      faraday-net_http (~> 2.0)
      ruby2_keywords (>= 0.0.4)
    faraday-net_http (2.1.0)
    gitlab (4.19.0)
      httparty (~> 0.20)
      terminal-table (>= 1.5.1)
    http-accept (1.7.0)
    http-cookie (1.0.8)
      domain_name (~> 0.5)
    httparty (0.23.1)
      csv
      mini_mime (>= 1.0.0)
      multi_xml (>= 0.5.2)
    i18n (1.14.7)
      concurrent-ruby (~> 1.0)
    io-console (0.5.11)
    irb (1.4.1)
      reline (>= 0.3.0)
    jmespath (1.6.2)
    logger (1.7.0)
    mime-types (3.7.0)
      logger
      mime-types-data (~> 3.2025, >= 3.2025.0507)
    mime-types-data (3.2025.0722)
    mini_mime (1.1.5)
    mini_portile2 (2.8.9)
    minitest (5.25.5)
    multi_xml (0.6.0)
    mutex_m (0.3.0)
    netrc (0.11.0)
    nokogiri (1.15.7)
      mini_portile2 (~> 2.8.2)
      racc (~> 1.4)
    octokit (5.6.1)
      faraday (>= 1, < 3)
      sawyer (~> 0.9)
    parseconfig (1.0.8)
    parser (3.3.8.0)
      ast (~> 2.4.1)
      racc
    public_suffix (5.1.1)
    racc (1.8.1)
    reline (0.3.1)
      io-console (~> 0.5)
    rest-client (2.1.0)
      http-accept (>= 1.7.0, < 2.0)
      http-cookie (>= 1.0.2, < 2.0)
      mime-types (>= 1.16, < 4.0)
      netrc (~> 0.8)
    ruby2_keywords (0.0.5)
    sawyer (0.9.2)
      addressable (>= 2.3.5)
      faraday (>= 0.17.3, < 3)
    securerandom (0.3.2)
    terminal-table (4.0.0)
      unicode-display_width (>= 1.1.1, < 4)
    toml-rb (2.2.0)
      citrus (~> 3.0, > 3.0)
    tzinfo (2.0.6)
      concurrent-ruby (~> 1.0)
    unicode-display_width (3.1.4)
      unicode-emoji (~> 4.0, >= 4.0.4)
    unicode-emoji (4.0.4)

PLATFORMS
  ruby

DEPENDENCIES
  dependabot-omnibus (~> 0.210.0)
  irb

BUNDLED WITH
   1.17.3
